GEM
  remote: http://rubygems.org/
  specs:
    activesupport (3.0.3)
    backports (1.18.2)
    blockenspiel (0.4.1)
    haml (3.0.25)
    json (1.5.1)
    monkey-lib (0.5.4)
      backports
    nokogiri (1.4.4)
    rack (1.2.1)
    sinatra (1.1.2)
      rack (~> 1.1)
      tilt (~> 1.2)
    sinatra-advanced-routes (0.5.1)
      monkey-lib (~> 0.5.0)
      sinatra (~> 1.0)
      sinatra-sugar (~> 0.5.0)
    sinatra-reloader (0.5.0)
      sinatra (~> 1.0)
      sinatra-advanced-routes (~> 0.5.0)
    sinatra-sugar (0.5.0)
      monkey-lib (~> 0.5.0)
      sinatra (~> 1.0)
    tilt (1.2.2)
    versionomy (0.4.0)
      blockenspiel (>= 0.3.1)

PLATFORMS
  ruby

DEPENDENCIES
  activesupport (>= 3.0.0)
  haml
  json
  nokogiri
  sinatra
  sinatra-reloader
  versionomy
